PATH
  remote: .
  specs:
    sightengine_ruby (0.1.0)
      httparty (~> 0.21)

GEM
  remote: https://rubygems.org/
  specs:
    addressable (2.8.7)
      public_suffix (>= 2.0.2, < 7.0)
    bigdecimal (3.3.1)
    crack (1.0.0)
      bigdecimal
      rexml
    csv (3.3.5)
    date (3.4.1)
    erb (5.1.1)
    hashdiff (1.2.1)
    httparty (0.23.2)
      csv
      mini_mime (>= 1.0.0)
      multi_xml (>= 0.5.2)
    io-console (0.8.1)
    irb (1.15.2)
      pp (>= 0.6.0)
      rdoc (>= 4.0.0)
      reline (>= 0.4.2)
    mini_mime (1.1.5)
    multi_xml (0.7.2)
      bigdecimal (~> 3.1)
    pp (0.6.3)
      prettyprint
    prettyprint (0.2.0)
    psych (5.2.6)
      date
      stringio
    public_suffix (6.0.2)
    rake (13.3.0)
    rdoc (6.15.0)
      erb
      psych (>= 4.0.0)
      tsort
    reline (0.6.2)
      io-console (~> 0.5)
    rexml (3.4.4)
    stringio (3.1.7)
    tsort (0.2.0)
    webmock (3.25.1)
      addressable (>= 2.8.0)
      crack (>= 0.3.2)
      hashdiff (>= 0.4.0, < 2.0.0)

PLATFORMS
  arm64-darwin-24
  ruby

DEPENDENCIES
  irb
  rake (~> 13.0)
  sightengine_ruby!
  webmock (~> 3.18)

BUNDLED WITH
   2.6.9
